PATH
  remote: .
  specs:
    cc2html (0.0.2)
      builder
      happymapper
      nokogiri
      rdiscount
      rubyzip
      thor

GEM
  remote: https://rubygems.org/
  specs:
    builder (3.2.2)
    celluloid (0.15.2)
      timers (~> 1.1.0)
    coderay (1.0.9)
    ffi (1.9.3)
    formatador (0.2.4)
    guard (2.2.3)
      formatador (>= 0.2.4)
      listen (~> 2.1)
      lumberjack (~> 1.0)
      pry (>= 0.9.12)
      thor (>= 0.18.1)
    guard-bundler (2.0.0)
      bundler (~> 1.0)
      guard (~> 2.2)
    guard-minitest (2.0.0)
      guard (~> 2.0)
      minitest (>= 3.0)
    happymapper (0.4.1)
      libxml-ruby (~> 2.0)
    libxml-ruby (2.7.0)
    listen (2.2.0)
      celluloid (>= 0.15.2)
      rb-fsevent (>= 0.9.3)
      rb-inotify (>= 0.9)
    lumberjack (1.0.4)
    method_source (0.8.2)
    mini_portile (0.5.3)
    minitest (5.0.8)
    nokogiri (1.6.1)
      mini_portile (~> 0.5.0)
    pry (0.9.12.2)
      coderay (~> 1.0.5)
      method_source (~> 0.8)
      slop (~> 3.4)
    rake (10.1.0)
    rb-fsevent (0.9.3)
    rb-inotify (0.9.2)
      ffi (>= 0.5.0)
    rdiscount (2.1.7.1)
    rubyzip (1.1.3)
    slop (3.4.6)
    thor (0.18.1)
    timers (1.1.0)

PLATFORMS
  ruby

DEPENDENCIES
  cc2html!
  guard
  guard-bundler
  guard-minitest
  minitest
  rake
